GEM
  remote: https://rubygems.org/
  specs:
    benchmark-ips (2.10.0)
    byebug (11.1.3)
    coderay (1.1.3)
    method_source (1.0.0)
    pry (0.14.1)
      coderay (~> 1.1)
      method_source (~> 1.0)
    pry-byebug (3.10.1)
      byebug (~> 11.0)
      pry (>= 0.13, < 0.15)

PLATFORMS
  ruby

DEPENDENCIES
  benchmark-ips
  pry-byebug

BUNDLED WITH
   2.1.4
